GEM
  remote: http://rubygems.org/
  specs:
    activemodel (3.2.13)
      activesupport (= 3.2.13)
      builder (~> 3.0.0)
    activesupport (3.2.13)
      i18n (= 0.6.1)
      multi_json (~> 1.0)
    backports (3.3.0)
    bson (1.8.5)
    bson_ext (1.8.5)
      bson (~> 1.8.5)
    builder (3.0.4)
    diff-lcs (1.2.4)
    dotenv (0.7.0)
    eventmachine (1.0.3)
    foreman (0.63.0)
      dotenv (>= 0.7)
      thor (>= 0.13.6)
    i18n (0.6.1)
    kgio (2.8.0)
    mongoid (3.1.3)
      activemodel (~> 3.2)
      moped (~> 1.4.2)
      origin (~> 1.0)
      tzinfo (~> 0.3.22)
    moped (1.4.5)
    multi_json (1.7.3)
    mustache (0.99.4)
    mustermann (0.0.1)
    origin (1.1.0)
    rack (1.5.2)
    rack-livereload (0.3.13)
      rack
    rack-protection (1.5.0)
      rack
    rack-test (0.6.2)
      rack (>= 1.0)
    raindrops (0.11.0)
    rspec (2.13.0)
      rspec-core (~> 2.13.0)
      rspec-expectations (~> 2.13.0)
      rspec-mocks (~> 2.13.0)
    rspec-core (2.13.1)
    rspec-expectations (2.13.0)
      diff-lcs (>= 1.1.3, < 2.0)
    rspec-mocks (2.13.1)
    sass (3.2.9)
    sinatra (1.4.2)
      rack (~> 1.5, >= 1.5.2)
      rack-protection (~> 1.4)
      tilt (~> 1.3, >= 1.3.4)
    sinatra-contrib (1.4.0)
      backports (>= 2.0)
      eventmachine
      rack-protection
      rack-test
      sinatra (~> 1.4.2)
      tilt (~> 1.3)
    sinatra-mustache (0.1.0)
      mustache (~> 0.99)
      sinatra (~> 1)
      tilt (~> 1.3, ~> 1.2)
    thor (0.18.1)
    tilt (1.4.1)
    tzinfo (0.3.37)
    unicorn (4.6.2)
      kgio (~> 2.6)
      rack
      raindrops (~> 0.7)

PLATFORMS
  ruby

DEPENDENCIES
  activesupport
  bson_ext
  bundler (>= 1.2.1)
  foreman
  mongoid
  multi_json
  mustache
  mustermann
  rack-livereload
  rack-test
  rspec
  sass
  sinatra
  sinatra-contrib
  sinatra-mustache
  unicorn
